PATH
  remote: .
  specs:
    active_transit (0.1.0)

GEM
  remote: https://rubygems.org/
  specs:
    rake (10.5.0)

PLATFORMS
  ruby

DEPENDENCIES
  active_transit!
  bundler (~> 1.10)
  rake (~> 10.0)

BUNDLED WITH
   1.13.6
