PATH
  remote: .
  specs:
    active_transit (0.1.0)
      activesupport (~> 5)

GEM
  remote: https://rubygems.org/
  specs:
    activesupport (5.0.0.1)
      concurrent-ruby (~> 1.0, >= 1.0.2)
      i18n (~> 0.7)
      minitest (~> 5.1)
      tzinfo (~> 1.1)
    concurrent-ruby (1.0.3)
    i18n (0.7.0)
    minitest (5.10.1)
    rake (10.5.0)
    thread_safe (0.3.5)
    tzinfo (1.2.2)
      thread_safe (~> 0.1)

PLATFORMS
  ruby

DEPENDENCIES
  active_transit!
  bundler (~> 1.10)
  rake (~> 10.0)

BUNDLED WITH
   1.13.6
